GEM
  remote: https://rubygems.org/
  specs:
    sequel (5.48.0)
    sqlite3 (1.4.2)

PLATFORMS
  x64-mingw32

DEPENDENCIES
  sequel
  sqlite3

BUNDLED WITH
   2.2.22
